PATH
  remote: .
  specs:
    fabrication (1.3.0)

GEM
  remote: http://rubygems.org/
  specs:
    activemodel (3.2.1)
      activesupport (= 3.2.1)
      builder (~> 3.0.0)
    activerecord (3.2.1)
      activemodel (= 3.2.1)
      activesupport (= 3.2.1)
      arel (~> 3.0.0)
      tzinfo (~> 0.3.29)
    activesupport (3.2.1)
      i18n (~> 0.6)
      multi_json (~> 1.0)
    arel (3.0.0)
    bson (1.3.1)
    bson_ext (1.3.1)
    builder (3.0.0)
    coderay (1.0.5)
    cucumber (1.1.4)
      builder (>= 2.1.2)
      diff-lcs (>= 1.1.2)
      gherkin (~> 2.7.1)
      json (>= 1.4.6)
      term-ansicolor (>= 1.0.6)
    diff-lcs (1.1.3)
    ffaker (1.12.1)
    fuubar (1.0.0)
      rspec (~> 2.0)
      rspec-instafail (~> 0.2.0)
      ruby-progressbar (~> 0.0.10)
    fuubar-cucumber (0.0.15)
      cucumber (>= 1.0.2)
      ruby-progressbar (~> 0.0.10)
    gherkin (2.7.7)
      json (>= 1.4.6)
    i18n (0.6.0)
    json (1.6.5)
    method_source (0.7.0)
    mongo (1.3.1)
      bson (>= 1.3.1)
    mongoid (2.1.4)
      activemodel (~> 3.0)
      mongo (~> 1.3)
      tzinfo (~> 0.3.22)
    multi_json (1.0.4)
    pry (0.9.8.2)
      coderay (~> 1.0.5)
      method_source (~> 0.7)
      slop (>= 2.4.4, < 3)
    rake (0.9.2.2)
    rspec (2.8.0)
      rspec-core (~> 2.8.0)
      rspec-expectations (~> 2.8.0)
      rspec-mocks (~> 2.8.0)
    rspec-core (2.8.0)
    rspec-expectations (2.8.0)
      diff-lcs (~> 1.1.2)
    rspec-instafail (0.2.2)
    rspec-mocks (2.8.0)
    ruby-progressbar (0.0.10)
    sequel (3.32.0)
    slop (2.4.4)
    sqlite3 (1.3.5)
    term-ansicolor (1.0.7)
    turnip (0.3.0)
      gherkin (>= 2.5)
      rspec (~> 2.0)
    tzinfo (0.3.31)

PLATFORMS
  ruby

DEPENDENCIES
  activerecord
  bson (~> 1.3.1)
  bson_ext (~> 1.3.1)
  cucumber
  fabrication!
  ffaker
  fuubar
  fuubar-cucumber
  mongo (~> 1.3.1)
  mongoid (= 2.1.4)
  pry
  rake
  rspec
  sequel
  sqlite3
  turnip (>= 0.3)
